PATH
  remote: .
  specs:
    carrierwave-sftp (0.0.1)

GEM
  remote: http://rubygems.org/
  specs:
    activesupport (3.1.0)
      multi_json (~> 1.0)
    carrierwave (0.5.7)
      activesupport (~> 3.0)
    diff-lcs (1.1.3)
    multi_json (1.0.3)
    net-sftp (2.0.5)
      net-ssh (>= 2.0.9)
    net-ssh (2.2.1)
    rspec (2.6.0)
      rspec-core (~> 2.6.0)
      rspec-expectations (~> 2.6.0)
      rspec-mocks (~> 2.6.0)
    rspec-core (2.6.4)
    rspec-expectations (2.6.0)
      diff-lcs (~> 1.1.2)
    rspec-mocks (2.6.0)

PLATFORMS
  ruby

DEPENDENCIES
  carrierwave
  carrierwave-sftp!
  net-sftp
  net-ssh
  rspec (~> 2.0)
